GEM
  remote: https://rubygems.org/
  specs:
    get_process_mem (0.2.0)
    haml (4.0.7)
      tilt
    kgio (2.10.0)
    r18n-core (2.1.3)
    rack (1.6.4)
    rack-protection (1.5.3)
      rack
    raindrops (0.16.0)
    sinatra (1.4.7)
      rack (~> 1.5)
      rack-protection (~> 1.4)
      tilt (>= 1.3, < 3)
    sinatra-r18n (2.1.3)
      r18n-core (= 2.1.3)
      sinatra (>= 1.3)
    tilt (2.0.2)
    unicorn (5.0.1)
      kgio (~> 2.6)
      rack
      raindrops (~> 0.7)
    unicorn-worker-killer (0.4.4)
      get_process_mem (~> 0)
      unicorn (>= 4, < 6)

PLATFORMS
  ruby

DEPENDENCIES
  haml
  sinatra
  sinatra-r18n
  unicorn
  unicorn-worker-killer
